GEM
  remote: https://rubygems.org/
  specs:
    backports (3.3.1)
    descendants_tracker (0.0.1)
    diff-lcs (1.2.4)
    rspec (2.13.0)
      rspec-core (~> 2.13.0)
      rspec-expectations (~> 2.13.0)
      rspec-mocks (~> 2.13.0)
    rspec-core (2.13.1)
    rspec-expectations (2.13.0)
      diff-lcs (>= 1.1.3, < 2.0)
    rspec-mocks (2.13.1)
    virtus (0.5.5)
      backports (~> 3.3)
      descendants_tracker (~> 0.0.1)

PLATFORMS
  ruby

DEPENDENCIES
  rspec
  virtus
