GEM
  remote: https://rubygems.org/
  specs:
    coderay (1.0.9)
    diff-lcs (1.2.4)
    method_source (0.8.1)
    pry (0.9.12.2)
      coderay (~> 1.0.5)
      method_source (~> 0.8)
      slop (~> 3.4)
    pry-nav (0.2.3)
      pry (~> 0.9.10)
    rspec (2.14.0.rc1)
      rspec-core (= 2.14.0.rc1)
      rspec-expectations (= 2.14.0.rc1)
      rspec-mocks (= 2.14.0.rc1)
    rspec-core (2.14.0.rc1)
    rspec-expectations (2.14.0.rc1)
      diff-lcs (>= 1.1.3, < 2.0)
    rspec-mocks (2.14.0.rc1)
    slop (3.4.5)

PLATFORMS
  ruby

DEPENDENCIES
  pry-nav
  rspec (= 2.14.0.rc1)
